GEM
  remote: https://rubygems.org/
  specs:
    rack (1.6.10)

PLATFORMS
  ruby

DEPENDENCIES
  rack

BUNDLED WITH
   1.15.4
